GIT
  remote: https://github.com/eamonn-webster/bacon-expect
  revision: a54805ca2b8cdbcbb81a298fc3c1d4dff38d2a80
  specs:
    bacon-expect (1.0.3)

GEM
  remote: https://rubygems.org/
  specs:
    ast (2.4.2)
    byebug (11.1.3)
    coderay (1.1.3)
    dbt (1.2.0)
    method_source (1.0.0)
    motion-kit (1.1.1)
      dbt (~> 1.1, >= 1.1.5)
    motion_print (1.2.0)
    parallel (1.22.1)
    parser (3.1.2.0)
      ast (~> 2.4.1)
    pry (0.13.1)
      coderay (~> 1.1)
      method_source (~> 1.0)
    pry-byebug (3.9.0)
      byebug (~> 11.0)
      pry (~> 0.13.0)
    rainbow (3.1.1)
    rake (13.0.6)
    regexp_parser (2.5.0)
    rexml (3.2.5)
    rubocop (1.30.1)
      parallel (~> 1.10)
      parser (>= 3.1.0.0)
      rainbow (>= 2.2.2, < 4.0)
      regexp_parser (>= 1.8, < 3.0)
      rexml (>= 3.2.5, < 4.0)
      rubocop-ast (>= 1.18.0, < 2.0)
      ruby-progressbar (~> 1.7)
      unicode-display_width (>= 1.4.0, < 3.0)
    rubocop-ast (1.18.0)
      parser (>= 3.1.1.0)
    rubocop-performance (1.14.2)
      rubocop (>= 1.7.0, < 2.0)
      rubocop-ast (>= 0.4.0)
    rubocop-rake (0.6.0)
      rubocop (~> 1.0)
    rubocop-rspec (2.11.1)
      rubocop (~> 1.19)
    ruby-progressbar (1.11.0)
    sugarcube (4.0.0)
    unicode-display_width (2.1.0)

PLATFORMS
  ruby

DEPENDENCIES
  bacon-expect!
  motion-kit (~> 1.1)
  motion_print (~> 1.2.0)
  pry-byebug (~> 3.9.0)
  rake
  rubocop
  rubocop-performance
  rubocop-rake
  rubocop-rspec
  sugarcube (~> 4.0)

BUNDLED WITH
   2.3.6
